GEM
  remote: https://rubygems.org/
  specs:
    bitly (0.9.0)
      httparty (>= 0.7.6)
      multi_json (~> 1.3)
      oauth2 (>= 0.5.0, < 0.9)
    coderay (1.1.0)
    dotenv (0.9.0)
    faraday (0.8.8)
      multipart-post (~> 1.2.0)
    httparty (0.12.0)
      json (~> 1.8)
      multi_xml (>= 0.5.2)
    httpauth (0.2.0)
    json (1.8.1)
    jwt (0.1.8)
      multi_json (>= 1.5)
    method_source (0.8.2)
    mini_portile (0.5.2)
    multi_json (1.8.2)
    multi_xml (0.5.5)
    multipart-post (1.2.0)
    nokogiri (1.6.0)
      mini_portile (~> 0.5.0)
    oauth2 (0.8.1)
      faraday (~> 0.8)
      httpauth (~> 0.1)
      jwt (~> 0.1.4)
      multi_json (~> 1.0)
      rack (~> 1.2)
    pry (0.9.12.4)
      coderay (~> 1.0)
      method_source (~> 0.8)
      slop (~> 3.4)
    rack (1.5.2)
    rb-readline (0.5.0)
    slop (3.4.7)
    tactful_tokenizer (0.0.2)

PLATFORMS
  ruby

DEPENDENCIES
  bitly
  dotenv
  httparty
  nokogiri
  pry
  rb-readline
  tactful_tokenizer
